GEM
  remote: https://rubygems.org/
  specs:
    json (2.6.2)

PLATFORMS
  x86_64-linux

DEPENDENCIES
  json (~> 2.6)

BUNDLED WITH
   2.3.7
